GIT
  remote: git://github.com/chetan/micron.git
  revision: d722ad58ca390cdaf01d27d77aea1fbe951d0bca
  specs:
    micron (0.1.0)
      colorize
      easycov
      hitimes

PATH
  remote: .
  specs:
    sidekiq-recycler (0.1.0)
      sidekiq

GEM
  remote: https://rubygems.org/
  specs:
    addressable (2.3.5)
    builder (3.2.2)
    celluloid (0.15.2)
      timers (~> 1.1.0)
    colorize (0.6.0)
    connection_pool (1.1.0)
    easycov (0.3.1)
      multi_json
      simplecov
      simplecov-console
      simplecov-html
    faraday (0.8.8)
      multipart-post (~> 1.2.0)
    git (1.2.6)
    github_api (0.10.1)
      addressable
      faraday (~> 0.8.1)
      hashie (>= 1.2)
      multi_json (~> 1.4)
      nokogiri (~> 1.5.2)
      oauth2
    hashie (2.0.5)
    highline (1.6.19)
    hirb (0.7.1)
    hitimes (1.2.1)
    httpauth (0.2.0)
    jeweler (1.8.8)
      builder
      bundler (~> 1.0)
      git (>= 1.2.5)
      github_api (= 0.10.1)
      highline (>= 1.6.15)
      nokogiri (= 1.5.10)
      rake
      rdoc
    json (1.8.0)
    jwt (0.1.8)
      multi_json (>= 1.5)
    little-plugger (1.1.3)
    logging (1.8.1)
      little-plugger (>= 1.1.3)
      multi_json (>= 1.3.6)
    multi_json (1.8.1)
    multi_xml (0.5.5)
    multipart-post (1.2.0)
    nokogiri (1.5.10)
    oauth2 (0.9.2)
      faraday (~> 0.8)
      httpauth (~> 0.2)
      jwt (~> 0.1.4)
      multi_json (~> 1.0)
      multi_xml (~> 0.5)
      rack (~> 1.2)
    rack (1.5.2)
    rake (10.1.0)
    rdoc (4.0.1)
      json (~> 1.4)
    redis (3.0.5)
    redis-namespace (1.3.1)
      redis (~> 3.0.0)
    sidekiq (2.15.1)
      celluloid (>= 0.15.1)
      connection_pool (>= 1.0.0)
      json
      redis (>= 3.0.4)
      redis-namespace (>= 1.3.1)
    simplecov (0.7.1)
      multi_json (~> 1.0)
      simplecov-html (~> 0.7.1)
    simplecov-console (0.1.3)
      colorize
      hirb
      simplecov
    simplecov-html (0.7.1)
    timers (1.1.0)
    yard (0.8.7.2)

PLATFORMS
  ruby

DEPENDENCIES
  easycov
  jeweler
  logging
  micron!
  rake
  sidekiq
  sidekiq-recycler!
  yard
